GEM
  specs:
    audio-playback (0.0.7)
      ffi-libc (~> 0.1, >= 0.1.0)
      ffi-portaudio (~> 0.1, >= 0.1.2)
      ruby-audio (~> 1.6, >= 1.6.1)
    ffi (1.9.14)
    ffi-libc (0.1.0)
      ffi (~> 1.0)
    ffi-portaudio (0.1.2)
      ffi
    ruby-audio (1.6.1)

PLATFORMS
  ruby

DEPENDENCIES
  audio-playback

BUNDLED WITH
   1.13.6
